GEM
  remote: http://rubygems.org/
  specs:
    activesupport (2.3.8)
    chronic (0.2.3)
      hoe (>= 1.2.1)
    hoe (2.6.2)
      rake (>= 0.8.7)
      rubyforge (>= 2.0.4)
    json_pure (1.4.6)
    maneki (1.0.2)
    moredown (1.3.0)
    rack (1.2.1)
    rake (0.8.7)
    rubyforge (2.0.4)
      json_pure (>= 1.1.7)
    sinatra (1.0)
      rack (>= 1.0)

PLATFORMS
  ruby

DEPENDENCIES
  activesupport (= 2.3.8)
  chronic
  maneki
  moredown
  sinatra (= 1.0)
