GEM
  remote: http://rubygems.org/
  specs:
    chronic (0.3.0)
    maneki (1.0.2)
    moredown (1.3.0)
    rack (1.2.2)
    sinatra (1.0)
      rack (>= 1.0)

PLATFORMS
  ruby

DEPENDENCIES
  chronic (= 0.3.0)
  maneki (= 1.0.2)
  moredown (= 1.3.0)
  sinatra (= 1.0)
